PATH
  remote: .
  specs:
    lalamove (0.14.0)

GEM
  remote: https://rubygems.org/
  specs:
    coderay (1.1.2)
    httparty (0.21.0)
      mini_mime (>= 1.0.0)
      multi_xml (>= 0.5.2)
    method_source (0.9.2)
    mini_mime (1.1.2)
    minitest (5.14.0)
    multi_xml (0.6.0)
    pry (0.12.2)
      coderay (~> 1.1.0)
      method_source (~> 0.9.0)
    rake (10.5.0)
    thor (1.0.1)

PLATFORMS
  ruby

DEPENDENCIES
  bundler (~> 2.0)
  httparty
  lalamove!
  minitest (~> 5.0)
  pry
  rake (~> 10.0)
  thor

BUNDLED WITH
   2.0.2
